GIT
  remote: git://github.com/cloudfoundry/vmc-lib.git
  revision: a52a04cdc415b5018a40cb5ead9fc142fbee1b73
  specs:
    cfoundry (0.4.19)
      cf-uaa-lib (~> 1.3.3)
      multi_json (~> 1.3)
      multipart-post (~> 1.1)
      rubyzip (~> 0.9)

GIT
  remote: git://github.com/cloudfoundry/vmc-plugins.git
  revision: c454bb471164a630ef9469b64973b92e1f0023d8
  specs:
    manifests-vmc-plugin (0.4.19)
      cfoundry (~> 0.4.0)
    tunnel-vmc-plugin (0.1.11)
      addressable (~> 2.2)
      caldecott-client (~> 0.0.2)
      cfoundry (~> 0.4.0)
      rest-client (~> 1.6)
      uuidtools (~> 2.1)

GIT
  remote: git://github.com/vito/clouseau.git
  revision: af05617556504c436901d43edc76f6578f363b83
  specs:
    clouseau (0.0.1)
      rubyzip (~> 0.9.9)

GIT
  remote: git://github.com/vito/interact.git
  revision: 18f1dd528ba933f60f38f16ae0974ddad8950e25
  specs:
    interact (0.5.1)

GIT
  remote: git://github.com/vito/mothership.git
  revision: 17812cefd4b805f9de203c2d66aae102b81cecc8
  specs:
    mothership (0.4.0)

GEM
  remote: http://rubygems.org/
  specs:
    addressable (2.3.2)
    auto_tagger (0.2.8)
      capistrano (>= 2.5.3)
    caldecott-client (0.0.2)
      multi_json (~> 1.3)
    capistrano (2.14.1)
      highline
      net-scp (>= 1.0.0)
      net-sftp (>= 2.0.0)
      net-ssh (>= 2.0.14)
      net-ssh-gateway (>= 1.1.0)
    cf-uaa-lib (1.3.4)
      multi_json
    crack (0.3.2)
    diff-lcs (1.1.3)
    gerrit-cli (0.0.1)
    highline (1.6.15)
    json_pure (1.7.6)
    mime-types (1.19)
    multi_json (1.5.0)
    multipart-post (1.1.5)
    net-scp (1.0.4)
      net-ssh (>= 1.99.1)
    net-sftp (2.0.5)
      net-ssh (>= 2.0.9)
    net-ssh (2.6.3)
    net-ssh-gateway (1.1.0)
      net-ssh (>= 1.99.1)
    rake (10.0.3)
    rest-client (1.6.7)
      mime-types (>= 1.16)
    rr (1.0.4)
    rspec (2.12.0)
      rspec-core (~> 2.12.0)
      rspec-expectations (~> 2.12.0)
      rspec-mocks (~> 2.12.0)
    rspec-core (2.12.2)
    rspec-expectations (2.12.1)
      diff-lcs (~> 1.1.3)
    rspec-mocks (2.12.1)
    rubyzip (0.9.9)
    uuidtools (2.1.3)
    webmock (1.9.0)
      addressable (>= 2.2.7)
      crack (>= 0.1.7)

PLATFORMS
  ruby

DEPENDENCIES
  auto_tagger
  cfoundry!
  clouseau!
  gerrit-cli
  interact!
  json_pure (~> 1.6)
  manifests-vmc-plugin!
  mothership!
  multi_json (~> 1.3)
  rake
  rr (~> 1.0)
  rspec (~> 2.11)
  tunnel-vmc-plugin!
  webmock (~> 1.9)
