GIT
  remote: git://github.com/cloudfoundry/vmc-lib.git
  revision: c9be866aee96d88de3d5ee83cb0225b1e2df4cfe
  specs:
    cfoundry (0.5.1.rc2)
      cf-uaa-lib (~> 1.3.3)
      multi_json (~> 1.3)
      multipart-post (~> 1.1)
      rubyzip (~> 0.9)

GIT
  remote: git://github.com/cloudfoundry/vmc-plugins.git
  revision: 20efa01b9563460077674feeaf1d57b093d3795c
  specs:
    admin-vmc-plugin (0.1.0)
      cfoundry (~> 0.5.0)
    console-vmc-plugin (0.1.1)
      tunnel-vmc-plugin (~> 0.2.0)
    manifests-vmc-plugin (0.6.1)
      cfoundry (~> 0.5.0)
    mcf-vmc-plugin (0.0.1)
    tunnel-vmc-plugin (0.2.0)
      addressable (~> 2.2)
      caldecott-client (~> 0.0.2)
      cfoundry (~> 0.5.0)
      rest-client (~> 1.6)
      uuidtools (~> 2.1)

GIT
  remote: git://github.com/vito/clouseau.git
  revision: af05617556504c436901d43edc76f6578f363b83
  specs:
    clouseau (0.0.1)
      rubyzip (~> 0.9.9)

GIT
  remote: git://github.com/vito/interact.git
  revision: 956058c9c1c03f9b606fb7f45e598edfdfa0a20e
  specs:
    interact (0.5.2)

GIT
  remote: git://github.com/vito/mothership.git
  revision: 7a5a58d19bf82780a32b3ce006a95313ed732256
  specs:
    mothership (0.5.1)

GEM
  remote: http://rubygems.org/
  specs:
    addressable (2.3.3)
    caldecott-client (0.0.2)
      multi_json (~> 1.3)
    cf-uaa-lib (1.3.7)
      multi_json
    coderay (1.0.9)
    crack (0.3.2)
    diff-lcs (1.1.3)
    gem-release (0.4.1)
    json_pure (1.7.7)
    method_source (0.8.1)
    mime-types (1.21)
    multi_json (1.6.1)
    multipart-post (1.1.5)
    pry (0.9.12)
      coderay (~> 1.0.5)
      method_source (~> 0.8)
      slop (~> 3.4)
    rake (10.0.3)
    rest-client (1.6.7)
      mime-types (>= 1.16)
    rr (1.0.4)
    rspec (2.12.0)
      rspec-core (~> 2.12.0)
      rspec-expectations (~> 2.12.0)
      rspec-mocks (~> 2.12.0)
    rspec-core (2.12.2)
    rspec-expectations (2.12.1)
      diff-lcs (~> 1.1.3)
    rspec-mocks (2.12.2)
    rubyzip (0.9.9)
    slop (3.4.3)
    uuidtools (2.1.3)
    webmock (1.9.3)
      addressable (>= 2.2.7)
      crack (>= 0.3.2)

PLATFORMS
  ruby

DEPENDENCIES
  admin-vmc-plugin!
  cfoundry!
  clouseau!
  console-vmc-plugin!
  gem-release
  interact!
  json_pure (~> 1.6)
  manifests-vmc-plugin!
  mcf-vmc-plugin!
  mothership!
  multi_json (~> 1.3)
  pry
  rake
  rr (~> 1.0)
  rspec (~> 2.11)
  tunnel-vmc-plugin!
  webmock (~> 1.9)
